GEM
  remote: http://rubygems.org/
  specs:
    mime-types (1.25)
    net-http-persistent (2.9)
    rest (2.6.3)
      net-http-persistent
      rest-client (>= 0.3.0)
    rest-client (1.6.7)
      mime-types (>= 1.16)
    trollop (2.0)

PLATFORMS
  ruby

DEPENDENCIES
  rest
  trollop
